GEM
  remote: https://rubygems.org/
  specs:
    actionmailer (2.3.17)
      actionpack (= 2.3.17)
    actionpack (2.3.17)
      activesupport (= 2.3.17)
      rack (~> 1.1.0)
    activerecord (2.3.17)
      activesupport (= 2.3.17)
    activeresource (2.3.17)
      activesupport (= 2.3.17)
    activesupport (2.3.17)
    daemons (1.1.9)
    eventmachine (1.0.3)
    feed-normalizer (1.5.2)
      hpricot (>= 0.6)
      simple-rss (>= 1.1)
    gettext (2.0.4)
      locale (>= 2.0.4)
    gettext_activerecord (2.0.4)
      activerecord (>= 2.3.2)
      gettext (>= 2.0.4)
    gettext_rails (2.0.4)
      gettext_activerecord (>= 2.0.4)
      locale_rails (>= 2.0.4)
      rails (>= 2.3.2)
    hoe (3.5.1)
      rake (>= 0.8, < 11.0)
    hpricot (0.8.6)
    htmlentities (4.3.1)
    locale (2.0.8)
    locale_rails (2.0.5)
      locale (>= 2.0.5)
    mysql (2.9.1)
    opml (1.0.0)
    rack (1.1.6)
    rails (2.3.17)
      actionmailer (= 2.3.17)
      actionpack (= 2.3.17)
      activerecord (= 2.3.17)
      activeresource (= 2.3.17)
      activesupport (= 2.3.17)
      rake (>= 0.8.3)
    rake (10.0.3)
    restful_authentication (1.1.6)
      rails (~> 2.3.4)
    rfeedfinder (0.9.13)
      hoe (>= 1.7.0)
      hpricot (>= 0.6)
      htmlentities (>= 4.0.0)
    rspec (1.3.2)
    rspec-rails (1.3.4)
      rack (>= 1.0.0)
      rspec (~> 1.3.1)
    simple-rss (1.2.3)
    sqlite3 (1.3.7)
    sqlite3-ruby (1.3.3)
      sqlite3 (>= 1.3.3)
    test-unit (1.2.3)
      hoe (>= 1.5.1)
    thin (1.5.0)
      daemons (>= 1.0.9)
      eventmachine (>= 0.12.6)
      rack (>= 1.0.0)

PLATFORMS
  ruby

DEPENDENCIES
  feed-normalizer
  gettext (~> 2.0.0)
  gettext_activerecord
  gettext_rails
  locale
  locale_rails
  mysql
  opml
  rails (~> 2.3.5)
  restful_authentication
  rfeedfinder
  rspec-rails (~> 1.0)
  sqlite3-ruby
  test-unit (~> 1.2.3)
  thin
