GEM
  remote: http://rubygems.org/
  specs:
    actionmailer (2.3.14)
      actionpack (= 2.3.14)
    actionpack (2.3.14)
      activesupport (= 2.3.14)
      rack (~> 1.1.0)
    activerecord (2.3.14)
      activesupport (= 2.3.14)
    activeresource (2.3.14)
      activesupport (= 2.3.14)
    activesupport (2.3.14)
    daemons (1.1.8)
    eventmachine (0.12.10)
    feed-normalizer (1.5.2)
      hpricot (>= 0.6)
      simple-rss (>= 1.1)
    gettext (2.1.0)
      locale (>= 2.0.5)
    gettext_activerecord (2.1.0)
      activerecord (>= 2.3.2)
      gettext (>= 2.1.0)
    gettext_rails (2.1.0)
      gettext_activerecord (>= 2.1.0)
      locale_rails (>= 2.0.5)
      rails (>= 2.3.2)
    hoe (2.14.0)
      rake (~> 0.8)
    hpricot (0.8.6)
    htmlentities (4.3.1)
    locale (2.0.5)
    locale_rails (2.0.5)
      locale (>= 2.0.5)
    mysql (2.8.1)
    opml (1.0.0)
    rack (1.1.3)
    rails (2.3.14)
      actionmailer (= 2.3.14)
      actionpack (= 2.3.14)
      activerecord (= 2.3.14)
      activeresource (= 2.3.14)
      activesupport (= 2.3.14)
      rake (>= 0.8.3)
    rake (0.9.2.2)
    restful_authentication (1.1.6)
      rails (~> 2.3.4)
    rfeedfinder (0.9.13)
      hpricot (>= 0.6)
      htmlentities (>= 4.0.0)
    rspec (1.3.2)
    rspec-rails (1.3.4)
      rack (>= 1.0.0)
      rspec (~> 1.3.1)
    simple-rss (1.2.3)
    sqlite3 (1.3.5)
    sqlite3-ruby (1.3.3)
      sqlite3 (>= 1.3.3)
    test-unit (1.2.3)
      hoe (>= 1.5.1)
    thin (1.3.1)
      daemons (>= 1.0.9)
      eventmachine (>= 0.12.6)
      rack (>= 1.0.0)

PLATFORMS
  ruby

DEPENDENCIES
  feed-normalizer
  gettext
  gettext_activerecord
  gettext_rails
  locale
  locale_rails
  mysql
  opml
  rails (~> 2.3.5)
  restful_authentication
  rfeedfinder
  rspec-rails (~> 1.0)
  sqlite3-ruby
  test-unit (~> 1.2.3)
  thin
